GEM
  remote: https://rubygems.org/
  specs:
    bugsnag (5.0.1)

PLATFORMS
  ruby

DEPENDENCIES
  bugsnag

RUBY VERSION
   ruby 2.4.0p0

BUNDLED WITH
   1.13.7
